GEM
  remote: https://rubygems.org/
  specs:
    coderay (1.1.3)
    colorize (0.8.1)
    method_source (1.0.0)
    mini_portile2 (2.8.1)
    nokogiri (1.14.3)
      mini_portile2 (~> 2.8.0)
      racc (~> 1.4)
    pry (0.14.0)
      coderay (~> 1.1)
      method_source (~> 1.0)
    racc (1.6.2)

PLATFORMS
  ruby

DEPENDENCIES
  colorize
  nokogiri (>= 1.11.0)
  pry

BUNDLED WITH
   2.2.11
